PATH
  remote: .
  specs:
    sord (0.1.0)
      colorize
      sorbet-runtime
      yard

GEM
  remote: https://rubygems.org/
  specs:
    colorize (0.8.1)
    diff-lcs (1.3)
    rake (10.5.0)
    rspec (3.8.0)
      rspec-core (~> 3.8.0)
      rspec-expectations (~> 3.8.0)
      rspec-mocks (~> 3.8.0)
    rspec-core (3.8.1)
      rspec-support (~> 3.8.0)
    rspec-expectations (3.8.4)
      diff-lcs (>= 1.2.0, < 2.0)
      rspec-support (~> 3.8.0)
    rspec-mocks (3.8.1)
      diff-lcs (>= 1.2.0, < 2.0)
      rspec-support (~> 3.8.0)
    rspec-support (3.8.2)
    sorbet (0.4.4254)
      sorbet-static (= 0.4.4254)
    sorbet-runtime (0.4.4254)
    sorbet-static (0.4.4254-x86_64-linux)
    yard (0.9.19)

PLATFORMS
  ruby

DEPENDENCIES
  bundler (~> 2.0)
  rake (~> 10.0)
  rspec (~> 3.0)
  sorbet
  sord!

BUNDLED WITH
   2.0.1
